GEM
  remote: http://rubygems.org/
  specs:
    json (1.5.4)
    pg (0.11.0)
    rack (1.3.2)
    rack-flash (0.1.2)
      rack
    sinatra (1.2.6)
      rack (~> 1.1)
      tilt (< 2.0, >= 1.2.2)
    sinatra-redirect-with-flash (0.1.2)
      rack-flash (>= 0.1.1)
      sinatra (>= 0.9.1)
    sinatra-session (1.0.0)
      sinatra (>= 1.0)
    tilt (1.3.3)

PLATFORMS
  ruby

DEPENDENCIES
  json
  pg
  rack-flash
  sinatra
  sinatra-redirect-with-flash
  sinatra-session
